GEM
  remote: https://rubygems.org/
  specs:
    backports (3.11.1)
    bcrypt (3.1.11)
    daemons (1.2.6)
    erubis (2.7.0)
    eventmachine (1.2.5)
    multi_json (1.13.1)
    mustermann (1.0.2)
    puma (3.11.2)
    rack (2.0.4)
    rack-protection (2.0.1)
      rack
    sinatra (2.0.1)
      mustermann (~> 1.0)
      rack (~> 2.0)
      rack-protection (= 2.0.1)
      tilt (~> 2.0)
    sinatra-contrib (2.0.1)
      backports (>= 2.0)
      multi_json
      mustermann (~> 1.0)
      rack-protection (= 2.0.1)
      sinatra (= 2.0.1)
      tilt (>= 1.3, < 3)
    thin (1.7.2)
      daemons (~> 1.0, >= 1.0.9)
      eventmachine (~> 1.0, >= 1.0.4)
      rack (>= 1, < 3)
    tilt (2.0.8)

PLATFORMS
  ruby

DEPENDENCIES
  bcrypt
  erubis
  puma
  sinatra
  sinatra-contrib
  thin

RUBY VERSION
   ruby 2.5.0p0

BUNDLED WITH
   1.16.1
